GIT
  remote: https://github.com/stefanpenner/country_select.git
  revision: 95ad4d115284f8592abb95b154b4eaec65debb97
  specs:
    country_select (8.0.2)
      countries (~> 5.0)

GIT
  remote: https://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:x-oauth-basic@github.com/skillmine1234/approval2.git
  revision: 38c2ae6e75f3cbb782e8254f4af5e73d0856e5a3
  specs:
    approval2 (0.2.0)
      audited
      unscoped_associations
      will_paginate

GIT
  remote: https://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:x-oauth-basic@github.com/skillmine1234/devise_security_extension.git
  revision: a8f7965253d90f0a5d884374168c3c5d78ec459a
  specs:
    devise_security_extension (0.9.2)
      devise (>= 2.0.0)
      rails (>= 3.1.1)

GIT
  remote: https://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:x-oauth-basic@github.com/skillmine1234/encrypted_field.git
  revision: 73d09e25fb3118064fa61996ebb37af902e81e01
  specs:
    encrypted_field (0.1.7)

GIT
  remote: https://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:x-oauth-basic@github.com/skillmine1234/qg-datapurge.git
  revision: 8c28ba6f6506624121655d723e1dbddf5e9e4357
  branch: main
  specs:
    qg-datapurge (0.7.0)
      rails (~> 7.0.4)

GIT
  remote: https://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:x-oauth-basic@github.com/skillmine1234/qg-ecol.git
  revision: 306c9338bad8e0d3d7689a5148092d82c3545639
  branch: main
  specs:
    qg-ecol (13.5.0)
      rails (= 7.0.4)

GIT
  remote: https://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:x-oauth-basic@github.com/skillmine1234/qg-ft.git
  revision: 8c28b8f8d6e3dda800f0b6ce3a2cefa23d224a61
  branch: wip
  specs:
    qg-ft (8.1.0)
      draper
      pundit
      rails (>= 7.0.4)

GIT
  remote: https://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:x-oauth-basic@github.com/skillmine1234/qg-icol.git
  revision: 5e7c0d4445b313266b6dab2b6f8ccdfe3828dd08
  branch: main
  specs:
    qg-icol (2.1.0)
      rails (= 7.0.4)

GIT
  remote: https://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:x-oauth-basic@github.com/skillmine1234/qg-inw.git
  revision: 6c496efa397799173e5e8727c017a32b754c1433
  branch: main
  specs:
    qg-inw (8.8.0)
      rails (= 7.0.4)

GIT
  remote: https://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:x-oauth-basic@github.com/skillmine1234/qg-ns.git
  revision: bf335df6d47f19dbc3077800ba333f5f562f5681
  branch: main
  specs:
    qg-ns (1.3.0)
      rails (~> 7.0.4)

GIT
  remote: https://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:x-oauth-basic@github.com/skillmine1234/qg-rc.git
  revision: d040df2aba80533a18b7c77a2d0d68aa8338aa01
  branch: main
  specs:
    qg-rc (1.0.6)
      rails (~> 7.0.4)

GIT
  remote: https://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:x-oauth-basic@github.com/skillmine1234/qg-rr.git
  revision: 90f4e3de8b11de25a3f4bee82386a9dce558d4c4
  branch: main
  specs:
    qg-rr (1.0.7)
      rails (~> 7.0.4)

GIT
  remote: https://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:x-oauth-basic@github.com/skillmine1234/qg-sm.git
  revision: 55f73407d83775c545fc7c523f3fe692249b5419
  branch: main
  specs:
    qg-sm (2.0.0)
      rails (~> 7.0.4)

GEM
  remote: https://rubygems.org/
  specs:
    actioncable (7.0.4)
      actionpack (= 7.0.4)
      activesupport (= 7.0.4)
      nio4r (~> 2.0)
      websocket-driver (>= 0.6.1)
    actionmailbox (7.0.4)
      actionpack (= 7.0.4)
      activejob (= 7.0.4)
      activerecord (= 7.0.4)
      activestorage (= 7.0.4)
      activesupport (= 7.0.4)
      mail (>= 2.7.1)
      net-imap
      net-pop
      net-smtp
    actionmailer (7.0.4)
      actionpack (= 7.0.4)
      actionview (= 7.0.4)
      activejob (= 7.0.4)
      activesupport (= 7.0.4)
      mail (~> 2.5, >= 2.5.4)
      net-imap
      net-pop
      net-smtp
      rails-dom-testing (~> 2.0)
    actionpack (7.0.4)
      actionview (= 7.0.4)
      activesupport (= 7.0.4)
      rack (~> 2.0, >= 2.2.0)
      rack-test (>= 0.6.3)
      rails-dom-testing (~> 2.0)
      rails-html-sanitizer (~> 1.0, >= 1.2.0)
    actiontext (7.0.4)
      actionpack (= 7.0.4)
      activerecord (= 7.0.4)
      activestorage (= 7.0.4)
      activesupport (= 7.0.4)
      globalid (>= 0.6.0)
      nokogiri (>= 1.8.5)
    actionview (7.0.4)
      activesupport (= 7.0.4)
      builder (~> 3.1)
      erubi (~> 1.4)
      rails-dom-testing (~> 2.0)
      rails-html-sanitizer (~> 1.1, >= 1.2.0)
    activeadmin (2.13.1)
      arbre (~> 1.2, >= 1.2.1)
      formtastic (>= 3.1, < 5.0)
      formtastic_i18n (~> 0.4)
      inherited_resources (~> 1.7)
      jquery-rails (~> 4.2)
      kaminari (~> 1.0, >= 1.2.1)
      railties (>= 6.1, < 7.1)
      ransack (>= 2.1.1, < 4)
    activeadmin-sortable (0.0.3)
      activeadmin (>= 0.4)
    activejob (7.0.4)
      activesupport (= 7.0.4)
      globalid (>= 0.3.6)
    activemodel (7.0.4)
      activesupport (= 7.0.4)
    activemodel-serializers-xml (1.0.2)
      activemodel (> 5.x)
      activesupport (> 5.x)
      builder (~> 3.1)
    activerecord (7.0.4)
      activemodel (= 7.0.4)
      activesupport (= 7.0.4)
    activerecord-oracle_enhanced-adapter (7.0.2)
      activerecord (~> 7.0.0)
      ruby-oci8
      ruby-plsql (>= 0.6.0)
    activestorage (7.0.4)
      actionpack (= 7.0.4)
      activejob (= 7.0.4)
      activerecord (= 7.0.4)
      activesupport (= 7.0.4)
      marcel (~> 1.0)
      mini_mime (>= 1.1.0)
    activesupport (7.0.4)
      concurrent-ruby (~> 1.0, >= 1.0.2)
      i18n (>= 1.6, < 2)
      minitest (>= 5.1)
      tzinfo (~> 2.0)
    acts_as_commentable (3.0.1)
    acts_as_list (1.1.0)
      activerecord (>= 4.2)
    addressable (2.8.4)
      public_suffix (>= 2.0.2, < 6.0)
    airbrussh (1.4.1)
      sshkit (>= 1.6.1, != 1.7.0)
    arbre (1.5.0)
      activesupport (>= 3.0.0, < 7.1)
      ruby2_keywords (>= 0.0.2, < 1.0)
    audited (5.3.3)
      activerecord (>= 5.0, < 7.1)
      request_store (~> 1.2)
    bcdatabase (1.0.6)
      activesupport (>= 2.0)
      highline (~> 1.5)
      i18n
    bcrypt (3.1.18)
    builder (3.2.4)
    cancan (1.6.10)
    cancancan (3.5.0)
    capistrano (3.17.3)
      airbrussh (>= 1.0.0)
      i18n
      rake (>= 10.0.0)
      sshkit (>= 1.9.0)
    capistrano-ext (1.2.1)
      capistrano (>= 1.0.0)
    capybara (3.39.1)
      addressable
      matrix
      mini_mime (>= 0.1.3)
      nokogiri (~> 1.8)
      rack (>= 1.6.0)
      rack-test (>= 0.6.3)
      regexp_parser (>= 1.5, < 3.0)
      xpath (~> 3.2)
    carrierwave (2.2.3)
      activemodel (>= 5.0.0)
      activesupport (>= 5.0.0)
      addressable (~> 2.6)
      image_processing (~> 1.1)
      marcel (~> 1.0.0)
      mini_mime (>= 0.1.3)
      ssrf_filter (~> 1.0)
    chosen-rails (1.10.0)
      coffee-rails (>= 3.2)
      railties (>= 3.0)
      sassc-rails (>= 2.1.2)
    chosen.scss (1.0.10.2)
      compass (>= 0.11)
    chronic (0.10.2)
    chunky_png (1.4.0)
    cipher (0.1.1)
    cocoon (1.2.15)
    coffee-rails (5.0.0)
      coffee-script (>= 2.2.0)
      railties (>= 5.2.0)
    coffee-script (2.4.1)
      coffee-script-source
      execjs
    coffee-script-source (1.12.2)
    compass (1.0.3)
      chunky_png (~> 1.2)
      compass-core (~> 1.0.2)
      compass-import-once (~> 1.0.5)
      rb-fsevent (>= 0.9.3)
      rb-inotify (>= 0.9)
      sass (>= 3.3.13, < 3.5)
    compass-core (1.0.3)
      multi_json (~> 1.0)
      sass (>= 3.3.0, < 3.5)
    compass-import-once (1.0.5)
      sass (>= 3.2, < 3.5)
    compass-normalize (1.5)
      compass (>= 0.12.0)
    compass-rails (4.0.0)
      compass (~> 1.0.0)
      sass-rails (< 5.1)
      sprockets (< 4.0)
    concurrent-ruby (1.2.2)
    countries (5.6.0)
      unaccent (~> 0.3)
    crack (0.4.5)
      rexml
    crass (1.0.6)
    csp (0.0.1)
    csp-solver (0.1.0)
    cucumber (8.0.0)
      builder (~> 3.2, >= 3.2.4)
      cucumber-ci-environment (~> 9.0, >= 9.0.4)
      cucumber-core (~> 11.0, >= 11.0.0)
      cucumber-cucumber-expressions (~> 15.1, >= 15.1.1)
      cucumber-gherkin (~> 23.0, >= 23.0.1)
      cucumber-html-formatter (~> 19.1, >= 19.1.0)
      cucumber-messages (~> 18.0, >= 18.0.0)
      diff-lcs (~> 1.5, >= 1.5.0)
      mime-types (~> 3.4, >= 3.4.1)
      multi_test (~> 1.1, >= 1.1.0)
      sys-uname (~> 1.2, >= 1.2.2)
    cucumber-ci-environment (9.2.0)
    cucumber-core (11.0.0)
      cucumber-gherkin (~> 23.0, >= 23.0.1)
      cucumber-messages (~> 18.0, >= 18.0.0)
      cucumber-tag-expressions (~> 4.1, >= 4.1.0)
    cucumber-cucumber-expressions (15.2.0)
    cucumber-gherkin (23.0.1)
      cucumber-messages (~> 18.0, >= 18.0.0)
    cucumber-html-formatter (19.2.0)
      cucumber-messages (~> 18.0, >= 18.0.0)
    cucumber-messages (18.0.0)
    cucumber-rails (2.6.1)
      capybara (>= 2.18, < 4)
      cucumber (>= 3.2, < 9)
      mime-types (~> 3.3)
      nokogiri (~> 1.10)
      railties (>= 5.0, < 8)
      rexml (~> 3.0)
      webrick (~> 1.7)
    cucumber-tag-expressions (4.1.0)
    daemons (1.4.1)
    database_cleaner (1.0.1)
    date (3.3.3)
    delayed_job (4.1.11)
      activesupport (>= 3.0, < 8.0)
    delayed_job_active_record (4.1.7)
      activerecord (>= 3.0, < 8.0)
      delayed_job (>= 3.0, < 5)
    devise (4.9.2)
      bcrypt (~> 3.0)
      orm_adapter (~> 0.1)
      railties (>= 4.1.0)
      responders
      warden (~> 1.2.3)
    devise_ldap_authenticatable (0.6.1)
      devise (>= 2.0.0)
      net-ldap (~> 0.2.2)
    diff-lcs (1.5.0)
    dotenv (2.8.1)
    dotenv-rails (2.8.1)
      dotenv (= 2.8.1)
      railties (>= 3.2)
    draper (4.0.2)
      actionpack (>= 5.0)
      activemodel (>= 5.0)
      activemodel-serializers-xml (>= 1.0)
      activesupport (>= 5.0)
      request_store (>= 1.0)
      ruby2_keywords
    ecolo (0.1.0)
    erubi (1.12.0)
    et-orbi (1.2.7)
      tzinfo
    execjs (2.8.1)
    factory_girl (2.2.0)
      activesupport
    faker (3.2.0)
      i18n (>= 1.8.11, < 2)
    faraday (2.7.5)
      faraday-net_http (>= 2.0, < 3.1)
      ruby2_keywords (>= 0.0.4)
    faraday-net_http (3.0.2)
    ffi (1.15.5)
    flexmock (2.3.6)
    florrick (1.1.3)
    flot-rails (0.0.7)
      jquery-rails
    font-awesome-rails (4.7.0.8)
      railties (>= 3.2, < 8.0)
    formtastic (4.0.0)
      actionpack (>= 5.2.0)
    formtastic_i18n (0.7.0)
    fugit (1.8.1)
      et-orbi (~> 1, >= 1.2.7)
      raabro (~> 1.4)
    globalid (1.1.0)
      activesupport (>= 5.0)
    haml (6.1.1)
      temple (>= 0.8.2)
      thor
      tilt
    haml-rails (2.1.0)
      actionpack (>= 5.1)
      activesupport (>= 5.1)
      haml (>= 4.0.6)
      railties (>= 5.1)
    hamster (3.0.0)
      concurrent-ruby (~> 1.0)
    has_role (0.0.11)
    has_scope (0.8.1)
      actionpack (>= 5.2)
      activesupport (>= 5.2)
    hashdiff (1.0.1)
    highline (1.7.10)
    hotwire-rails (0.1.3)
      rails (>= 6.0.0)
      stimulus-rails
      turbo-rails
    httparty (0.21.0)
      mini_mime (>= 1.0.0)
      multi_xml (>= 0.5.2)
    i18n (1.13.0)
      concurrent-ruby (~> 1.0)
    image_processing (1.12.2)
      mini_magick (>= 4.9.5, < 5)
      ruby-vips (>= 2.0.17, < 3)
    importmap-rails (1.1.6)
      actionpack (>= 6.0.0)
      railties (>= 6.0.0)
    inherited_resources (1.13.1)
      actionpack (>= 5.2, < 7.1)
      has_scope (~> 0.6)
      railties (>= 5.2, < 7.1)
      responders (>= 2, < 4)
    jose (1.1.3)
      hamster
    jquery-rails (4.6.0)
      rails-dom-testing (>= 1, < 3)
      railties (>= 4.2.0)
      thor (>= 0.14, < 2.0)
    jquery-turbolinks (2.1.0)
      railties (>= 3.1.0)
      turbolinks
    jsbundling-rails (1.1.1)
      railties (>= 6.0.0)
    kaminari (1.2.2)
      activesupport (>= 4.1.0)
      kaminari-actionview (= 1.2.2)
      kaminari-activerecord (= 1.2.2)
      kaminari-core (= 1.2.2)
    kaminari-actionview (1.2.2)
      actionview
      kaminari-core (= 1.2.2)
    kaminari-activerecord (1.2.2)
      activerecord
      kaminari-core (= 1.2.2)
    kaminari-core (1.2.2)
    lazy_columns (0.5.9)
      activerecord (>= 3.1)
    listen (3.8.0)
      rb-fsevent (~> 0.10, >= 0.10.3)
      rb-inotify (~> 0.9, >= 0.9.10)
    loofah (2.21.3)
      crass (~> 1.0.2)
      nokogiri (>= 1.12.0)
    mail (2.8.1)
      mini_mime (>= 0.1.1)
      net-imap
      net-pop
      net-smtp
    marcel (1.0.2)
    matrix (0.4.2)
    method_source (1.0.0)
    mime-types (3.4.1)
      mime-types-data (~> 3.2015)
    mime-types-data (3.2023.0218.1)
    mini_magick (4.12.0)
    mini_mime (1.1.2)
    minitest (5.18.0)
    multi_json (1.15.0)
    multi_test (1.1.0)
    multi_xml (0.6.0)
    mustache (1.1.1)
    nested_form (0.3.2)
    net-imap (0.3.7)
      date
      net-protocol
    net-ldap (0.2.2)
    net-pop (0.1.2)
      net-protocol
    net-protocol (0.2.1)
      timeout
    net-scp (4.0.0)
      net-ssh (>= 2.6.5, < 8.0.0)
    net-smtp (0.3.3)
      net-protocol
    net-ssh (7.1.0)
    newrelic_rpm (9.2.2)
    nio4r (2.5.9)
    nokogiri (1.15.2-x86_64-linux)
      racc (~> 1.4)
    normalize-json (0.0.2)
    normalize-rails (8.0.1)
    normalize-scss (7.0.1)
      sass (~> 3.3)
    normalize_rails (0.1.0)
    optimist (3.0.1)
    options (2.3.2)
    orm_adapter (0.5.0)
    passenger (6.0.18)
      rack
      rake (>= 0.8.1)
    power_assert (2.0.3)
    pr_geohash (1.0.0)
    progress_bar (1.0.5)
      highline (~> 1.6)
      options (~> 2.3.0)
    public_suffix (5.0.1)
    puma (5.6.5)
      nio4r (~> 2.0)
    pundit (2.3.0)
      activesupport (>= 3.0.0)
    raabro (1.4.0)
    racc (1.6.2)
    rack (2.2.7)
    rack-accept (0.4.5)
      rack (>= 0.4)
    rack-test (2.1.0)
      rack (>= 1.3)
    rails (7.0.4)
      actioncable (= 7.0.4)
      actionmailbox (= 7.0.4)
      actionmailer (= 7.0.4)
      actionpack (= 7.0.4)
      actiontext (= 7.0.4)
      actionview (= 7.0.4)
      activejob (= 7.0.4)
      activemodel (= 7.0.4)
      activerecord (= 7.0.4)
      activestorage (= 7.0.4)
      activesupport (= 7.0.4)
      bundler (>= 1.15.0)
      railties (= 7.0.4)
    rails-dom-testing (2.0.3)
      activesupport (>= 4.2.0)
      nokogiri (>= 1.6)
    rails-html-sanitizer (1.6.0)
      loofah (~> 2.21)
      nokogiri (~> 1.14)
    rails_12factor (0.0.3)
      rails_serve_static_assets
      rails_stdout_logging
    rails_serve_static_assets (0.0.5)
    rails_stdout_logging (0.0.5)
    railties (7.0.4)
      actionpack (= 7.0.4)
      activesupport (= 7.0.4)
      method_source
      rake (>= 12.2)
      thor (~> 1.0)
      zeitwerk (~> 2.5)
    rake (13.0.6)
    ransack (3.2.1)
      activerecord (>= 6.1.5)
      activesupport (>= 6.1.5)
      i18n
    rb-fsevent (0.11.2)
    rb-inotify (0.10.1)
      ffi (~> 1.0)
    rb-readline (0.5.5)
    regexp_parser (2.8.0)
    request_store (1.5.1)
      rack (>= 1.4)
    responders (3.1.0)
      actionpack (>= 5.2)
      railties (>= 5.2)
    rexml (3.2.5)
    rolify (6.0.1)
    rsolr (2.5.0)
      builder (>= 2.1.2)
      faraday (>= 0.9, < 3, != 2.0.0)
    rspec (3.12.0)
      rspec-core (~> 3.12.0)
      rspec-expectations (~> 3.12.0)
      rspec-mocks (~> 3.12.0)
    rspec-core (3.12.2)
      rspec-support (~> 3.12.0)
    rspec-expectations (3.12.3)
      diff-lcs (>= 1.2.0, < 2.0)
      rspec-support (~> 3.12.0)
    rspec-mocks (3.12.5)
      diff-lcs (>= 1.2.0, < 2.0)
      rspec-support (~> 3.12.0)
    rspec-support (3.12.0)
    ruby-oci8 (2.2.12)
    ruby-plsql (0.8.0)
    ruby-vips (2.1.4)
      ffi (~> 1.12)
    ruby2_keywords (0.0.5)
    rubyzip (2.3.2)
    rufus-scheduler (3.8.2)
      fugit (~> 1.1, >= 1.1.6)
    saas (0.1.1)
    sass (3.4.25)
    sass-rails (5.0.8)
      railties (>= 5.2.0)
      sass (~> 3.1)
      sprockets (>= 2.8, < 4.0)
      sprockets-rails (>= 2.0, < 4.0)
      tilt (>= 1.1, < 3)
    sassc (2.4.0)
      ffi (~> 1.9)
    sassc-rails (2.1.2)
      railties (>= 4.0.0)
      sassc (>= 2.0)
      sprockets (> 3.0)
      sprockets-rails
      tilt
    secure_headers (6.5.0)
    seed-fu (2.3.9)
      activerecord (>= 3.1)
      activesupport (>= 3.1)
    selenium-webdriver (4.9.1)
      rexml (~> 3.2, >= 3.2.5)
      rubyzip (>= 1.2.2, < 3.0)
      websocket (~> 1.0)
    shoulda-matchers (5.3.0)
      activesupport (>= 5.2.0)
    simple-navigation (4.4.0)
      activesupport (>= 2.3.2)
    simple_enum (2.3.2)
      activesupport (>= 4.0.0)
    simple_enum-multiple (0.1.7)
      simple_enum (~> 2.3)
    simple_form (5.2.0)
      actionpack (>= 5.2)
      activemodel (>= 5.2)
    sprockets (3.7.2)
      concurrent-ruby (~> 1.0)
      rack (> 1, < 3)
    sprockets-rails (3.4.2)
      actionpack (>= 5.2)
      activesupport (>= 5.2)
      sprockets (>= 3.0.0)
    sqlite3 (1.6.3-x86_64-linux)
    sshkit (1.21.4)
      net-scp (>= 1.1.2)
      net-ssh (>= 2.8.0)
    ssrf_filter (1.1.1)
    stimulus-rails (1.2.1)
      railties (>= 6.0.0)
    stringex (2.8.6)
    sunspot (2.6.0)
      pr_geohash (~> 1.0)
      rsolr (>= 1.1.1, < 3)
    sunspot_rails (2.6.0)
      rails (>= 3)
      sunspot (= 2.6.0)
    sunspot_solr (2.6.0)
    sys-uname (1.2.3)
      ffi (~> 1.1)
    temple (0.10.2)
    test-unit (3.5.9)
      power_assert
    thor (1.2.2)
    tilt (2.1.0)
    timecop (0.9.6)
    timeout (0.4.0)
    turbo-rails (1.4.0)
      actionpack (>= 6.0.0)
      activejob (>= 6.0.0)
      railties (>= 6.0.0)
    turbolinks (5.2.1)
      turbolinks-source (~> 5.2)
    turbolinks-source (5.2.0)
    turnout (2.5.0)
      i18n (>= 0.7, < 2)
      rack (>= 1.3, < 3)
      rack-accept (~> 0.4)
      tilt (>= 1.4, < 3)
    tzinfo (2.0.6)
      concurrent-ruby (~> 1.0)
    uglifier (4.2.0)
      execjs (>= 0.3.0, < 3)
    unaccent (0.4.0)
    unscoped_associations (0.6.5)
      activerecord
    warden (1.2.9)
      rack (>= 2.0.9)
    webmock (3.18.1)
      addressable (>= 2.8.0)
      crack (>= 0.3.2)
      hashdiff (>= 0.4.0, < 2.0.0)
    webrick (1.8.1)
    websocket (1.2.9)
    websocket-driver (0.7.6)
      websocket-extensions (>= 0.1.0)
    websocket-extensions (0.1.5)
    whenever (1.0.0)
      chronic (>= 0.6.3)
    will_paginate (4.0.0)
    xpath (3.2.0)
      nokogiri (~> 1.8)
    zeitwerk (2.6.8)
    zeroclipboard-rails (0.1.2)
      railties (>= 3.1)

PLATFORMS
  x86_64-linux

DEPENDENCIES
  activeadmin
  activeadmin-sortable
  activerecord
  activerecord-oracle_enhanced-adapter (~> 7.0.2)
  acts_as_commentable (= 3.0.1)
  acts_as_list
  approval2!
  audited
  bcdatabase
  bundler
  cancan (~> 1.6, >= 1.6.10)
  cancancan (~> 3.5)
  capistrano
  capistrano-ext
  carrierwave
  chosen-rails (~> 1.0)
  chosen.scss (~> 1.0, >= 1.0.10.2)
  cipher (~> 0.1.1)
  cocoon (~> 1.2, >= 1.2.15)
  coffee-rails
  compass
  compass-normalize (~> 1.5)
  compass-rails (~> 4.0)
  country_select!
  csp (~> 0.0.1)
  csp-solver
  cucumber-rails
  daemons
  database_cleaner (< 1.1.0)
  delayed_job_active_record
  devise (>= 2.2.3)
  devise_ldap_authenticatable (= 0.6.1)
  devise_security_extension!
  dotenv-rails
  draper
  ecolo (~> 0.1.0)
  encrypted_field!
  factory_girl (= 2.2.0)
  faker
  faraday
  ffi (~> 1.15, >= 1.15.5)
  flexmock
  florrick (~> 1.1)
  flot-rails
  font-awesome-rails
  haml-rails
  has_role (~> 0.0.11)
  hotwire-rails (~> 0.1.3)
  httparty
  i18n (~> 1.13)
  importmap-rails
  inherited_resources
  jose (~> 1.1, >= 1.1.3)
  jquery-rails (~> 4.6)
  jquery-turbolinks
  jsbundling-rails
  lazy_columns
  listen (~> 3.1, >= 3.1.5)
  mime-types
  mustache
  nested_form
  net-scp
  newrelic_rpm
  normalize-json (~> 0.0.2)
  normalize-rails (~> 8.0, >= 8.0.1)
  normalize-scss (~> 7.0, >= 7.0.1)
  normalize_rails (~> 0.1.0)
  optimist (~> 3.0, >= 3.0.1)
  passenger
  progress_bar (~> 1.0.0)
  puma (~> 5.0)
  pundit (~> 2.3)
  qg-datapurge!
  qg-ecol!
  qg-ft!
  qg-icol!
  qg-inw!
  qg-ns!
  qg-rc!
  qg-rr!
  qg-sm!
  rails (= 7.0.4)
  rails_12factor
  rake (~> 13.0, >= 13.0.6)
  rb-readline
  rolify (>= 3.2.0)
  rspec
  rufus-scheduler
  saas (~> 0.1.1)
  sass-rails (>= 5)
  secure_headers
  seed-fu
  selenium-webdriver
  shoulda-matchers
  simple-navigation
  simple_enum
  simple_enum-multiple
  simple_form
  sprockets
  sprockets-rails (~> 3.4, >= 3.4.2)
  sqlite3
  stringex
  sunspot_rails
  sunspot_solr
  test-unit
  thor (~> 1.2, >= 1.2.1)
  timecop
  turbolinks (~> 5)
  turnout
  uglifier (>= 1.0.3)
  warden (~> 1.2, >= 1.2.9)
  webmock
  whenever
  will_paginate (~> 4.0)
  zeroclipboard-rails

RUBY VERSION
   ruby 3.2.2p53

BUNDLED WITH
   2.4.13
