GIT
  remote: git://github.com/quantiguous/rp.git
  revision: bbb9ff8949be4768e372c865fd57e1ece2d4b8c1
  specs:
    rp (0.0.1)
      haml-rails
      net-scp
      pundit
      rails (~> 4.2.0)
      will_paginate

GIT
  remote: git://github.com/rsim/oracle-enhanced.git
  revision: da33a2c1719d04033f93a5efeac106ec22aece92
  specs:
    activerecord-oracle_enhanced-adapter (1.6.1)

GIT
  remote: git://github.com/stefanpenner/country_select.git
  revision: 20f83bda911abd7c1d5cb96fd37f9ea22d892f0e
  specs:
    country_select (2.2.0)
      countries (~> 0.11.0)
      sort_alphabetical (~> 1.0)

GIT
  remote: https://github.com/quantiguous/lazy_columns.git
  revision: afdcabc9df0bce3e8fd409e857219e7eadcd42f9
  specs:
    lazy_columns (0.5.9)
      activerecord (>= 3.1)

GIT
  remote: https://github.com/quantiguous/rools
  revision: 64354e44d1cc18e4f35a92610cd1e7d3de547c4b
  specs:
    rools (0.4.1)

GIT
  remote: https://6643151ea8ce1aee02a31d27df7f8bf51fae01ba:x-oauth-basic@github.com/Capgemini008/qg-ae.git
  revision: d7e12310743fe01adf21604b0dc76d9800cccfd9
  specs:
    qg-ae (1.0.1)
      rails (= 4.2.2)

GIT
  remote: https://6643151ea8ce1aee02a31d27df7f8bf51fae01ba:x-oauth-basic@github.com/Capgemini008/qg-asba.git
  revision: 43d8194146fffdf335c9187687b31c4fe1dd304d
  specs:
    qg-asba (1.0.4)
      rails (= 4.2.2)

GIT
  remote: https://6643151ea8ce1aee02a31d27df7f8bf51fae01ba:x-oauth-basic@github.com/Capgemini008/qg-bm.git
  revision: 68bd5d7db076062b27731cde6b15e313bdfbc2b5
  specs:
    qg-bm (1.0.5)
      rails (= 4.2.2)

GIT
  remote: https://6643151ea8ce1aee02a31d27df7f8bf51fae01ba:x-oauth-basic@github.com/Capgemini008/qg-cc.git
  revision: 63b07d2161a32cb63c10cb3d1ba3b4ba79d7fa70
  specs:
    qg-cc (1.2.3)
      rails (= 4.2.2)

GIT
  remote: https://6643151ea8ce1aee02a31d27df7f8bf51fae01ba:x-oauth-basic@github.com/Capgemini008/qg-cp.git
  revision: 4b88103fbeabfc6358b96935add68eaf59a4e8a9
  specs:
    qg-cp (1.0.2)
      rails (= 4.2.2)

GIT
  remote: https://6643151ea8ce1aee02a31d27df7f8bf51fae01ba:x-oauth-basic@github.com/Capgemini008/qg-ecol.git
  revision: 133f1893d6095c07075fd86f54f0f85d80325676
  branch: ecol_approval
  specs:
    qg-ecol (3.6.0)
      rails (= 4.2.2)

GIT
  remote: https://6643151ea8ce1aee02a31d27df7f8bf51fae01ba:x-oauth-basic@github.com/Capgemini008/qg-fp.git
  revision: 750c2227b19f1419f71c1d2269b83b97c7eca7fa
  specs:
    qg-fp (1.0.8)
      rails (~> 4.2.2)

GIT
  remote: https://6643151ea8ce1aee02a31d27df7f8bf51fae01ba:x-oauth-basic@github.com/Capgemini008/qg-ft.git
  revision: cd4deec33c60987d772ffe02db9b612eba401b11
  branch: ft_customer
  specs:
    qg-ft (1.3.2)
      draper
      pundit
      rails (>= 4.2.2)

GIT
  remote: https://6643151ea8ce1aee02a31d27df7f8bf51fae01ba:x-oauth-basic@github.com/Capgemini008/qg-gm.git
  revision: 42ba247c3ed58f7543b784c20da2d5f86825bf1d
  branch: production
  specs:
    qg-gm (1.1.6)
      rails (= 4.2.2)

GIT
  remote: https://6643151ea8ce1aee02a31d27df7f8bf51fae01ba:x-oauth-basic@github.com/Capgemini008/qg-ic.git
  revision: 22f50d08cf64f5c81c232aad500490afd5288cad
  branch: dealer-finance
  specs:
    qg-ic (1.0.9)
      rails (= 4.2.2)

GIT
  remote: https://6643151ea8ce1aee02a31d27df7f8bf51fae01ba:x-oauth-basic@github.com/Capgemini008/qg-icol.git
  revision: 9687c3c6af84e1ea6da3f55d352b35122898966f
  specs:
    qg-icol (1.1.8)
      rails (= 4.2.2)

GIT
  remote: https://6643151ea8ce1aee02a31d27df7f8bf51fae01ba:x-oauth-basic@github.com/Capgemini008/qg-imt.git
  revision: f932b718ff8b0eca75786a3060d0f3ee979adb37
  specs:
    qg-imt (1.1.11)
      rails (~> 4.2.2)

GIT
  remote: https://6643151ea8ce1aee02a31d27df7f8bf51fae01ba:x-oauth-basic@github.com/Capgemini008/qg-inw.git
  revision: ef8b3ce6b7a89b2bca9edb07d34c00b00b0bd1ce
  branch: current_4000prod_alipay
  specs:
    qg-inw (3.7.0)
      rails (= 4.2.2)

GIT
  remote: https://6643151ea8ce1aee02a31d27df7f8bf51fae01ba:x-oauth-basic@github.com/Capgemini008/qg-ns.git
  revision: 0d3123c6a93aaadc333e67ea94036fb35f8f286b
  branch: form_for_new_callback_notification
  specs:
    qg-ns (1.0.7)
      rails (~> 4.2.2)

GIT
  remote: https://6643151ea8ce1aee02a31d27df7f8bf51fae01ba:x-oauth-basic@github.com/Capgemini008/qg-obdx.git
  revision: ffb4e31d0f1afd09f84835e8490f6da9e1367995
  branch: obdx_reports
  specs:
    qg-obdx (3.3.0)
      rails (= 4.2.2)

GIT
  remote: https://6643151ea8ce1aee02a31d27df7f8bf51fae01ba:x-oauth-basic@github.com/Capgemini008/qg-retailfp.git
  revision: 067e8c807363eaa4f089dce9dbcf1c09881e52b2
  specs:
    qg-retailfp (1.0.0)
      rails (~> 4.2.2)

GIT
  remote: https://6643151ea8ce1aee02a31d27df7f8bf51fae01ba:x-oauth-basic@github.com/Capgemini008/qg-retailft.git
  revision: c07cfa70f16530f7680e918e002bdeb077acc1d0
  specs:
    qg-retailft (1.0.0)
      draper
      pundit
      rails (>= 4.2.2)

GIT
  remote: https://6643151ea8ce1aee02a31d27df7f8bf51fae01ba:x-oauth-basic@github.com/Capgemini008/qg-retailrx.git
  revision: 26058f1e47f809e9575ad4a2dd75093f81570045
  specs:
    qg-retailrx (1.0.0)
      rails (= 4.2.2)

GIT
  remote: https://6643151ea8ce1aee02a31d27df7f8bf51fae01ba:x-oauth-basic@github.com/Capgemini008/qg-rpl.git
  revision: a200a41f7b623f719f607803e4509e69f5bbaffd
  branch: blockchain
  specs:
    qg-rpl (1.7.0)
      rails (= 4.2.2)

GIT
  remote: https://6643151ea8ce1aee02a31d27df7f8bf51fae01ba:x-oauth-basic@github.com/Capgemini008/qg-rx.git
  revision: b89e7946fd43f1f916db37f6e591c91830c1d5ad
  specs:
    qg-rx (1.1.7)
      rails (= 4.2.2)

GIT
  remote: https://6643151ea8ce1aee02a31d27df7f8bf51fae01ba:x-oauth-basic@github.com/Capgemini008/qg-sc.git
  revision: 3829f996b24fc4e49b398448892e0956a253dcd9
  specs:
    qg-sc (1.1.4)
      rails (~> 4.2.2)

GIT
  remote: https://6643151ea8ce1aee02a31d27df7f8bf51fae01ba:x-oauth-basic@github.com/Capgemini008/qg-sm.git
  revision: e332c7d5396970b02ad27a63f53deb2750d36911
  specs:
    qg-sm (1.1.0)
      rails (~> 4.2.2)

GIT
  remote: https://6643151ea8ce1aee02a31d27df7f8bf51fae01ba:x-oauth-basic@github.com/Capgemini008/qg-ssp.git
  revision: 91ad0910c7ae18e89b2ec1f7df0fb7d818faa764
  specs:
    qg-ssp (2.0.0)
      rails (= 4.2.2)

GEM
  remote: https://rubygems.org/
  specs:
    actionmailer (4.2.2)
      actionpack (= 4.2.2)
      actionview (= 4.2.2)
      activejob (= 4.2.2)
      mail (~> 2.5, >= 2.5.4)
      rails-dom-testing (~> 1.0, >= 1.0.5)
    actionpack (4.2.2)
      actionview (= 4.2.2)
      activesupport (= 4.2.2)
      rack (~> 1.6)
      rack-test (~> 0.6.2)
      rails-dom-testing (~> 1.0, >= 1.0.5)
      rails-html-sanitizer (~> 1.0, >= 1.0.1)
    actionview (4.2.2)
      activesupport (= 4.2.2)
      builder (~> 3.1)
      erubis (~> 2.7.0)
      rails-dom-testing (~> 1.0, >= 1.0.5)
      rails-html-sanitizer (~> 1.0, >= 1.0.1)
    activeadmin (1.0.0.pre1)
      arbre (~> 1.0, >= 1.0.2)
      bourbon
      coffee-rails
      formtastic (~> 3.1)
      formtastic_i18n
      inherited_resources (~> 1.6)
      jquery-rails
      jquery-ui-rails (~> 5.0)
      kaminari (~> 0.15)
      rails (>= 3.2, < 5.0)
      ransack (~> 1.3)
      sass-rails
    activeadmin-sortable (0.0.3)
      activeadmin (>= 0.4)
    activejob (4.2.2)
      activesupport (= 4.2.2)
      globalid (>= 0.3.0)
    activemodel (4.2.2)
      activesupport (= 4.2.2)
      builder (~> 3.1)
    activerecord (4.2.2)
      activemodel (= 4.2.2)
      activesupport (= 4.2.2)
      arel (~> 6.0)
    activesupport (4.2.2)
      i18n (~> 0.7)
      json (~> 1.7, >= 1.7.7)
      minitest (~> 5.1)
      thread_safe (~> 0.3, >= 0.3.4)
      tzinfo (~> 1.1)
    acts_as_commentable (3.0.1)
    acts_as_list (0.7.2)
      activerecord (>= 3.0)
    addressable (2.3.8)
    approval2 (0.1.9)
      audited
      will_paginate
    arbre (1.0.3)
      activesupport (>= 3.0.0)
    arel (6.0.0)
    audited (4.2.0)
      rails-observers (~> 0.1.2)
    audited-activerecord (4.2.0)
      activerecord (~> 4.0)
      audited (= 4.2.0)
    bcdatabase (1.0.6)
      activesupport (>= 2.0)
      highline (~> 1.5)
      i18n
    bcrypt (3.1.10)
    bourbon (4.2.3)
      sass (~> 3.4)
      thor
    builder (3.2.3)
    cancancan (1.12.0)
    capistrano (3.4.0)
      i18n
      rake (>= 10.0.0)
      sshkit (~> 1.3)
    capistrano-ext (1.2.1)
      capistrano (>= 1.0.0)
    capybara (2.4.4)
      mime-types (>= 1.16)
      nokogiri (>= 1.3.3)
      rack (>= 1.0.0)
      rack-test (>= 0.5.4)
      xpath (~> 2.0)
    carrierwave (0.10.0)
      activemodel (>= 3.2.0)
      activesupport (>= 3.2.0)
      json (>= 1.7)
      mime-types (>= 1.16)
    childprocess (0.5.6)
      ffi (~> 1.0, >= 1.0.11)
    chosen-rails (1.0.0)
      coffee-rails (>= 3.2)
      compass-rails (>= 1.0)
      railties (>= 3.0)
      sass-rails (>= 3.2)
    chronic (0.10.2)
    chunky_png (1.3.4)
    codeclimate-test-reporter (0.5.0)
      simplecov (>= 0.7.1, < 1.0.0)
    coderay (1.1.2)
    coffee-rails (4.1.0)
      coffee-script (>= 2.2.0)
      railties (>= 4.0.0, < 5.0)
    coffee-script (2.4.1)
      coffee-script-source
      execjs
    coffee-script-source (1.9.1.1)
    colorize (0.7.7)
    compass (1.0.3)
      chunky_png (~> 1.2)
      compass-core (~> 1.0.2)
      compass-import-once (~> 1.0.5)
      rb-fsevent (>= 0.9.3)
      rb-inotify (>= 0.9)
      sass (>= 3.3.13, < 3.5)
    compass-core (1.0.3)
      multi_json (~> 1.0)
      sass (>= 3.3.0, < 3.5)
    compass-import-once (1.0.5)
      sass (>= 3.2, < 3.5)
    compass-rails (2.0.4)
      compass (~> 1.0.0)
      sass-rails (<= 5.0.1)
      sprockets (< 2.13)
    concurrent-ruby (1.0.5)
    countries (0.11.4)
      currencies (~> 0.4.2)
      i18n_data (~> 0.7.0)
    crack (0.4.2)
      safe_yaml (~> 1.0.0)
    crass (1.0.2)
    cucumber (1.3.20)
      builder (>= 2.1.2)
      diff-lcs (>= 1.1.3)
      gherkin (~> 2.12)
      multi_json (>= 1.7.5, < 2.0)
      multi_test (>= 0.1.2)
    cucumber-rails (1.4.2)
      capybara (>= 1.1.2, < 3)
      cucumber (>= 1.3.8, < 2)
      mime-types (>= 1.16, < 3)
      nokogiri (~> 1.5)
      rails (>= 3, < 5)
    currencies (0.4.2)
    daemons (1.2.3)
    database_cleaner (1.0.1)
    delayed_job (4.0.6)
      activesupport (>= 3.0, < 5.0)
    delayed_job_active_record (4.0.3)
      activerecord (>= 3.0, < 5.0)
      delayed_job (>= 3.0, < 4.1)
    devise (3.5.1)
      bcrypt (~> 3.0)
      orm_adapter (~> 0.1)
      railties (>= 3.2.6, < 5)
      responders
      thread_safe (~> 0.1)
      warden (~> 1.2.3)
    devise_ldap_authenticatable (0.6.1)
      devise (>= 2.0.0)
      net-ldap (~> 0.2.2)
    devise_security_extension (0.9.2)
      devise (>= 2.0.0)
      rails (>= 3.1.1)
    diff-lcs (1.2.5)
    docile (1.1.5)
    dotenv (2.0.2)
    dotenv-rails (2.0.2)
      dotenv (= 2.0.2)
      railties (~> 4.0)
    draper (2.1.0)
      actionpack (>= 3.0)
      activemodel (>= 3.0)
      activesupport (>= 3.0)
      request_store (~> 1.0)
    encrypted_field (0.1.6)
    erubis (2.7.0)
    execjs (2.5.2)
    factory_girl (2.2.0)
      activesupport
    faker (1.4.3)
      i18n (~> 0.5)
    faraday (0.9.2)
      multipart-post (>= 1.2, < 3)
    ffi (1.9.10)
    flexmock (2.3.5)
    florrick (1.1.2)
    flot-rails (0.0.6)
      jquery-rails
    font-awesome-rails (4.7.0.2)
      railties (>= 3.2, < 5.2)
    formtastic (3.1.3)
      actionpack (>= 3.2.13)
    formtastic_i18n (0.4.1)
    gherkin (2.12.2)
      multi_json (~> 1.3)
    globalid (0.3.5)
      activesupport (>= 4.1.0)
    haml (4.0.6)
      tilt
    haml-rails (0.9.0)
      actionpack (>= 4.0.1)
      activesupport (>= 4.0.1)
      haml (>= 4.0.6, < 5.0)
      html2haml (>= 1.0.1)
      railties (>= 4.0.1)
    has_scope (0.6.0)
      actionpack (>= 3.2, < 5)
      activesupport (>= 3.2, < 5)
    highline (1.6.8)
    hike (1.2.3)
    html2haml (2.0.0)
      erubis (~> 2.7.0)
      haml (~> 4.0.0)
      nokogiri (~> 1.6.0)
      ruby_parser (~> 3.5)
    httparty (0.13.5)
      json (~> 1.8)
      multi_xml (>= 0.5.2)
    i18n (0.9.0)
      concurrent-ruby (~> 1.0)
    i18n_data (0.7.0)
    inherited_resources (1.6.0)
      actionpack (>= 3.2, < 5)
      has_scope (~> 0.6.0.rc)
      railties (>= 3.2, < 5)
      responders
    jquery-rails (4.3.1)
      rails-dom-testing (>= 1, < 3)
      railties (>= 4.2.0)
      thor (>= 0.14, < 2.0)
    jquery-ui-rails (5.0.5)
      railties (>= 3.2.16)
    json (1.8.6)
    kaminari (0.16.3)
      actionpack (>= 3.0.0)
      activesupport (>= 3.0.0)
    kgio (2.9.3)
    libv8 (3.16.14.11)
    loofah (2.1.1)
      crass (~> 1.0.2)
      nokogiri (>= 1.5.9)
    mail (2.6.3)
      mime-types (>= 1.16, < 3)
    method_source (0.9.2)
    mime-types (2.6.1)
    mini_portile2 (2.1.0)
    minitest (5.10.3)
    multi_json (1.11.1)
    multi_test (0.1.2)
    multi_xml (0.5.5)
    multipart-post (2.0.0)
    mustache (1.0.3)
    nested_form (0.3.2)
    net-ldap (0.2.2)
    net-scp (1.2.1)
      net-ssh (>= 2.6.5)
    net-ssh (2.9.2)
    newrelic_rpm (3.15.0.314)
    nokogiri (1.6.8.1)
      mini_portile2 (~> 2.1.0)
    options (2.3.2)
    orm_adapter (0.5.0)
    passenger (5.1.4)
      rack
      rake (>= 0.8.1)
    polyamorous (1.2.0)
      activerecord (>= 3.0)
    power_assert (0.2.3)
    pr_geohash (1.0.0)
    progress_bar (1.0.3)
      highline (~> 1.6.1)
      options (~> 2.3.0)
    pry (0.12.2)
      coderay (~> 1.1.0)
      method_source (~> 0.9.0)
    pundit (1.1.0)
      activesupport (>= 3.0.0)
    rack (1.6.8)
    rack-accept (0.4.5)
      rack (>= 0.4)
    rack-test (0.6.3)
      rack (>= 1.0)
    rails (4.2.2)
      actionmailer (= 4.2.2)
      actionpack (= 4.2.2)
      actionview (= 4.2.2)
      activejob (= 4.2.2)
      activemodel (= 4.2.2)
      activerecord (= 4.2.2)
      activesupport (= 4.2.2)
      bundler (>= 1.3.0, < 2.0)
      railties (= 4.2.2)
      sprockets-rails
    rails-deprecated_sanitizer (1.0.3)
      activesupport (>= 4.2.0.alpha)
    rails-dom-testing (1.0.8)
      activesupport (>= 4.2.0.beta, < 5.0)
      nokogiri (~> 1.6)
      rails-deprecated_sanitizer (>= 1.0.1)
    rails-html-sanitizer (1.0.3)
      loofah (~> 2.0)
    rails-observers (0.1.2)
      activemodel (~> 4.0)
    rails_12factor (0.0.3)
      rails_serve_static_assets
      rails_stdout_logging
    rails_serve_static_assets (0.0.4)
    rails_stdout_logging (0.0.3)
    railties (4.2.2)
      actionpack (= 4.2.2)
      activesupport (= 4.2.2)
      rake (>= 0.8.7)
      thor (>= 0.18.1, < 2.0)
    raindrops (0.14.0)
    rake (10.5.0)
    ransack (1.6.6)
      actionpack (>= 3.0)
      activerecord (>= 3.0)
      activesupport (>= 3.0)
      i18n
      polyamorous (~> 1.2)
    rb-fsevent (0.9.5)
    rb-inotify (0.9.5)
      ffi (>= 0.5.0)
    rb-readline (0.5.3)
    ref (1.0.5)
    request_store (1.3.2)
    responders (2.1.0)
      railties (>= 4.2.0, < 5)
    rolify (4.0.0)
    roo (2.0.1)
      nokogiri (~> 1)
      rubyzip (~> 1.1, < 2.0.0)
    rsolr (1.0.12)
      builder (>= 2.1.2)
    rspec (2.14.1)
      rspec-core (~> 2.14.0)
      rspec-expectations (~> 2.14.0)
      rspec-mocks (~> 2.14.0)
    rspec-core (2.14.8)
    rspec-expectations (2.14.5)
      diff-lcs (>= 1.1.3, < 2.0)
    rspec-mocks (2.14.6)
    rspec-rails (2.14.0)
      actionpack (>= 3.0)
      activesupport (>= 3.0)
      railties (>= 3.0)
      rspec-core (~> 2.14.0)
      rspec-expectations (~> 2.14.0)
      rspec-mocks (~> 2.14.0)
    ruby-oci8 (2.2.5.1)
    ruby-plsql (0.6.0)
    ruby_parser (3.7.0)
      sexp_processor (~> 4.1)
    rubyzip (1.1.7)
    rufus-scheduler (3.1.3)
    safe_yaml (1.0.4)
    sass (3.4.15)
    sass-rails (5.0.1)
      railties (>= 4.0.0, < 5.0)
      sass (~> 3.1)
      sprockets (>= 2.8, < 4.0)
      sprockets-rails (>= 2.0, < 4.0)
      tilt (~> 1.1)
    secure_headers (2.2.1)
      user_agent_parser
    seed-fu (2.3.5)
      activerecord (>= 3.1, < 4.3)
      activesupport (>= 3.1, < 4.3)
    selenium-webdriver (2.46.2)
      childprocess (~> 0.5)
      multi_json (~> 1.0)
      rubyzip (~> 1.0)
      websocket (~> 1.0)
    sexp_processor (4.6.0)
    shoulda-matchers (2.8.0)
      activesupport (>= 3.0.0)
    simple-navigation (4.0.3)
      activesupport (>= 2.3.2)
    simple_enum (2.3.0)
      activesupport (>= 4.0.0)
    simple_enum-multiple (0.1.7)
      simple_enum (~> 2.3)
    simple_form (3.1.0)
      actionpack (~> 4.0)
      activemodel (~> 4.0)
    simplecov (0.10.0)
      docile (~> 1.1.0)
      json (~> 1.8)
      simplecov-html (~> 0.10.0)
    simplecov-html (0.10.0)
    simplecov-rcov (0.2.3)
      simplecov (>= 0.4.1)
    sort_alphabetical (1.0.1)
      unicode_utils (>= 1.2.2)
    sprockets (2.12.4)
      hike (~> 1.2)
      multi_json (~> 1.0)
      rack (~> 1.0)
      tilt (~> 1.1, != 1.3.0)
    sprockets-rails (2.3.2)
      actionpack (>= 3.0)
      activesupport (>= 3.0)
      sprockets (>= 2.8, < 4.0)
    sqlite3 (1.3.10)
    sshkit (1.7.1)
      colorize (>= 0.7.0)
      net-scp (>= 1.1.2)
      net-ssh (>= 2.8.0)
    state_machine (1.2.0)
    stringex (2.5.2)
    sunspot (2.2.0)
      pr_geohash (~> 1.0)
      rsolr (~> 1.0.7)
    sunspot_rails (2.2.0)
      nokogiri
      rails (>= 3)
      sunspot (= 2.2.0)
    sunspot_solr (2.2.0)
    test-unit (3.1.2)
      power_assert
    therubyracer (0.12.2)
      libv8 (~> 3.16.14.0)
      ref
    thor (0.20.0)
    thread_safe (0.3.6)
    tilt (1.4.1)
    timecop (0.7.4)
    turnout (2.1.0)
      rack (~> 1.3)
      rack-accept (~> 0.4)
    tzinfo (1.2.3)
      thread_safe (~> 0.1)
    uglifier (2.7.1)
      execjs (>= 0.3.0)
      json (>= 1.8.0)
    unicode_utils (1.4.0)
    unicorn (4.9.0)
      kgio (~> 2.6)
      rack
      raindrops (~> 0.7)
    unscoped_associations (0.6.5)
      activerecord
    user_agent_parser (2.2.0)
    warden (1.2.3)
      rack (>= 1.0)
    webmock (1.21.0)
      addressable (>= 2.3.6)
      crack (>= 0.3.2)
    websocket (1.2.2)
    whenever (0.9.4)
      chronic (>= 0.6.3)
    will_paginate (3.0.7)
    xpath (2.0.0)
      nokogiri (~> 1.3)
    zeroclipboard-rails (0.1.1)
      railties (>= 3.1)

PLATFORMS
  ruby

DEPENDENCIES
  activeadmin (~> 1.0.0.pre1)
  activeadmin-sortable
  activerecord-oracle_enhanced-adapter!
  acts_as_commentable (= 3.0.1)
  acts_as_list
  approval2 (= 0.1.9)
  audited-activerecord
  bcdatabase
  cancancan (~> 1.10)
  capistrano
  capistrano-ext
  carrierwave
  chosen-rails (= 1.0.0)
  codeclimate-test-reporter
  coffee-rails
  country_select!
  cucumber-rails
  daemons
  database_cleaner (< 1.1.0)
  delayed_job_active_record
  devise (>= 2.2.3)
  devise_ldap_authenticatable (= 0.6.1)
  devise_security_extension
  dotenv-rails
  draper
  encrypted_field (= 0.1.6)
  factory_girl (= 2.2.0)
  faker
  faraday
  flexmock
  florrick (~> 1.1)
  flot-rails
  font-awesome-rails
  haml-rails
  httparty
  jquery-rails (= 4.3.1)
  lazy_columns!
  mime-types
  mustache
  nested_form
  net-scp
  newrelic_rpm
  passenger
  progress_bar (~> 1.0.0)
  pry
  qg-ae (= 1.0.1)!
  qg-asba (= 1.0.4)!
  qg-bm (= 1.0.5)!
  qg-cc (= 1.2.3)!
  qg-cp (= 1.0.2)!
  qg-ecol (= 3.6.0)!
  qg-fp (= 1.0.8)!
  qg-ft (= 1.3.2)!
  qg-gm (= 1.1.6)!
  qg-ic (= 1.0.9)!
  qg-icol (= 1.1.8)!
  qg-imt (= 1.1.11)!
  qg-inw (= 3.7.0)!
  qg-ns (= 1.0.7)!
  qg-obdx (= 3.3.0)!
  qg-retailfp (= 1.0.0)!
  qg-retailft (= 1.0.0)!
  qg-retailrx (= 1.0.0)!
  qg-rpl (= 1.7.0)!
  qg-rx (= 1.1.7)!
  qg-sc (= 1.1.4)!
  qg-sm (= 1.1.0)!
  qg-ssp (= 2.0.0)!
  rails (= 4.2.2)
  rails_12factor
  rake (< 11.0)
  rb-readline
  rolify (>= 3.2.0)
  roo
  rools (= 0.4.1)!
  rp!
  rspec
  rspec-rails (= 2.14.0)
  ruby-oci8 (= 2.2.5.1)
  ruby-plsql
  rufus-scheduler
  sass-rails
  secure_headers
  seed-fu
  selenium-webdriver
  shoulda-matchers
  simple-navigation
  simple_enum
  simple_enum-multiple
  simple_form
  simplecov
  simplecov-rcov
  sqlite3
  state_machine (~> 1.2.0)
  stringex
  sunspot_rails
  sunspot_solr
  test-unit
  therubyracer
  timecop
  turnout
  uglifier (>= 1.0.3)
  unicorn
  unscoped_associations
  webmock
  whenever
  will_paginate
  zeroclipboard-rails

RUBY VERSION
   ruby 2.2.2p95

BUNDLED WITH
   1.16.2
